##TITLE= Parameter file, TopSpin 3.6.4
##JCAMPDX= 5.0
##DATATYPE= Parameter Values
##NPOINTS= 119571	$$ modification sequence number
##ORIGIN= Bruker BioSpin GmbH
##OWNER= nmrsu
$$ 2022-09-01 11:33:56.307 +1000  UQ\uqgpiere@CAI-NMR700
$$ C:/Bruker/TopSpin3.6.4/conf/instr/spect/specpar
$$ process C:\Bruker\TopSpin3.6.4\prog\mod\hconfserver.exe
##$ANCIEN= (0..7)
0 0 0 0 0 0 0 0
##$BF1= 100.13
##$BF2= 100.13
##$BF3= 100.13
##$DEC= 1
##$DECB= 1
##$DEF19F= yes
##$DEFRSEL= yes
##$HPMOD= (0..7)
0 0 0 0 0 0 0 0
##$HPPRECH= (0..15)
-1 -1 -1 -1 -1 -1 -1 -1 -1 -1 -1 -1 -1 -1 -1 -1
##$HPSELECT= no
##$LOCSW19F= -1
##$LOCSW2H= -1
##$NUC1= 1
##$NUC2= 10
##$NUC3= 12
##$NUC4= 0
##$NUC5= 0
##$NUC6= 0
##$NUC7= 0
##$NUC8= 0
##$NUCARR= (0..123)
700.47 700.47 107.52641 747.149139 533.614102 103.081768 272.229239 98.428735
75.256101 224.738613 176.133322 50.601147 70.978009 94.958914 659.100319
55.297175 185.287624 42.880217 182.52048 139.163685 283.555453 53.768077
68.631413 57.128407 32.686543 17.941173 47.141834 170.1564 39.489234 39.499762
69.839023 184.24426 39.594039 173.641035 22.679664 166.201035 62.594356
185.732934 198.959348 43.827028 168.122284 213.620263 24.4346 119.938774
133.590227 36.548577 175.495614 189.172557 26.951284 67.629979 229.196964
30.357123 34.324417 65.117779 171.448228 45.649112 46.607137 157.664071
32.257701 36.153841 22.320105 32.054208 28.353758 32.596603 148.608073
155.456533 153.163054 153.491392 229.185021 249.593285 261.20969 167.626513
90.775427 183.311192 220.996667 140.146437 194.80201 57.746193 91.87464
69.587891 77.842727 92.422113 98.945878 214.483914 38.175615 23.535792
29.209599 24.096168 174.136842 76.911606 21.504429 28.228941 168.392988
24.096168 33.762654 149.480298 20.173536 58.068963 122.577389 33.769659
79.881599 56.955216 28.067833 17.63083 83.983551 29.184291 157.778066 159.368133
15.987044 54.394297 12.034075 13.105794 150.578523 12.111126 125.459935
46.312155 400.130879 404.05798 146.54252 112.560542 12.898455 100 100 100
##$NUCOFFS= (0..127)
<1H> <13C> <15N> <2H> <19F> <> <> <> <> <> <> <> <> <> <> <> <> <> <> <>
<> <> <> <> <> <> <> <> <> <> <> <> <> <> <> <> <> <> <> <> <> <> <> <>
<> <> <> <> <> <> <> <> <> <> <> <> <> <> <> <> <> <> <> <> <> <> <> <>
<> <> <> <> <> <> <> <> <> <> <> <> <> <> <> <> <> <> <> <> <> <> <> <>
<> <> <> <> <> <> <> <> <> <> <> <> <> <> <> <> <> <> <> <> <> <> <> <>
<> <> <> <> <> <> <> <> <> <> <> <>
##$OBS= 1
##$OFFS= (0..127)
3292.21 0 0 0 0 0 0 0 0 0 0 0 0 0 0 0 0 0 0 0 0 0 0 0 0 0 0 0 0 0 0 0 0
0 0 0 0 0 0 0 0 0 0 0 0 0 0 0 0 0 0 0 0 0 0 0 0 0 0 0 0 0 0 0 0 0 0 0 0
0 0 0 0 0 0 0 0 0 0 0 0 0 0 0 0 0 0 0 0 0 0 0 0 0 0 0 0 0 0 0 0 0 0 0 0
0 0 0 0 0 0 0 0 0 0 0 0 0 0 0 0 0 0 0 0 0 0 0
##$OFFSF= (0..7)
-41523.2999999944 0 0 0 0 0 0 0
##$OFFSH= (0..7)
2801.90000000857 888.199999963035 0 0 0 0 0 0
##$OFFSX= (0..7)
5394.30000000607 14195.5999999936 0 0 0 0 0 0
##$OFFSXAS= (0..7)
0 0 0 0 0 0 0 0
##$OFSF1= 0
##$OFSF2= 0
##$OFSH1= 0
##$OFSH2= 0
##$OFSH3= 0
##$OFSX1= 0
##$OFSX2= 0
##$OFSY= 0
##$PACOIL= (0..15)
0 0 0 0 0 0 0 0 0 0 0 0 0 0 0 0
##$PRECHAN= (0..15)
-1 3 0 1 4 -1 -1 -1 -1 -1 -1 -1 -1 -1 -1 -1
##$RECPRE= (0..15)
-1 0 -1 -1 -1 -1 -1 -1 -1 -1 -1 -1 -1 -1 -1 -1
##$RECPRFX= (0..15)
1 0 0 0 0 0 0 0 0 0 0 0 0 0 0 0
##$RECSEL= (0..15)
0 0 0 0 1 0 0 0 0 0 0 0 0 0 0 0
##$SELREC= (0..9)
0 0 0 0 0 0 0 0 0 0
##$SFO1= 700.474203
##$SFO2= 176.133322
##$SFO3= 70.978009
##$SFO4= 700.47
##$SFO5= 700.474326
##$SFO6= 700.474326
##$SFO7= 700.474326
##$SFO8= 700.474326
##$TY= (0..123)
0 0 0 0 0 0 0 0 0 0 0 0 0 0 0 0 0 0 0 0 0 0 0 0 0 0 0 0 0 0 0 0 0 0 0 0
0 0 0 0 0 0 0 0 0 0 0 0 0 0 0 0 0 0 0 0 0 0 0 0 0 0 0 0 0 0 0 0 0 0 0 0
0 0 0 0 0 0 0 0 0 0 0 0 0 0 0 0 0 0 0 0 0 0 0 0 0 0 0 0 0 0 0 0 0 0 0 0
0 0 0 0 0 0 0 0 0 0 0 0 0 0 0 0
##END=
